GEM
  remote: https://rubygems.org/
  specs:
    rake (12.0.0)
    sass (3.4.23)
    scss_lint (0.52.0)
      rake (>= 0.9, < 13)
      sass (~> 3.4.20)

PLATFORMS
  ruby

DEPENDENCIES
  sass (~> 3.4.19)
  scss_lint (~> 0.43)

BUNDLED WITH
   1.12.5
